GEM
  remote: https://rubygems.org/
  specs:
    ast (2.4.0)
    byebug (11.0.1)
    concurrent-ruby (1.1.5)
    docile (1.3.1)
    faker (1.9.3)
      i18n (>= 0.7)
    i18n (1.6.0)
      concurrent-ruby (~> 1.0)
    jaro_winkler (1.5.2)
    json (2.2.0)
    minitest (5.11.3)
    parallel (1.17.0)
    parser (2.6.2.1)
      ast (~> 2.4.0)
    psych (3.1.0)
    rainbow (3.0.0)
    rubocop (0.67.2)
      jaro_winkler (~> 1.5.1)
      parallel (~> 1.10)
      parser (>= 2.5, != 2.5.1.1)
      psych (>= 3.1.0)
      rainbow (>= 2.2.2, < 4.0)
      ruby-progressbar (~> 1.7)
      unicode-display_width (>= 1.4.0, < 1.6)
    rubocop-performance (1.1.0)
      rubocop (>= 0.67.0)
    ruby-progressbar (1.10.0)
    simplecov (0.16.1)
      docile (~> 1.1)
      json (>= 1.8, < 3)
      simplecov-html (~> 0.10.0)
    simplecov-html (0.10.2)
    unicode-display_width (1.5.0)

PLATFORMS
  ruby

DEPENDENCIES
  byebug
  faker
  minitest
  rubocop (~> 0.67)
  rubocop-performance
  simplecov

BUNDLED WITH
   1.17.3
